GEM
  remote: http://rubygems.org/
  specs:
    passenger (5.0.29)
      rack
      rake (>= 0.8.1)
    rack (1.6.4)
    rack-protection (1.5.3)
      rack
    rake (0.9.6)
    sinatra (1.4.7)
      rack (~> 1.5)
      rack-protection (~> 1.4)
      tilt (>= 1.3, < 3)
    tilt (2.0.5)

PLATFORMS
  ruby

DEPENDENCIES
  passenger
  sinatra

BUNDLED WITH
   1.12.5
